GEM
  remote: https://rubygems.org/
  specs:
    childprocess (0.5.1)
      ffi (~> 1.0, >= 1.0.11)
    diff-lcs (1.2.5)
    ffi (1.9.3)
    hashr (0.0.22)
    multi_json (1.8.4)
    rack (1.5.2)
    rack-protection (1.5.2)
      rack
    rake (10.1.1)
    rspec (2.14.1)
      rspec-core (~> 2.14.0)
      rspec-expectations (~> 2.14.0)
      rspec-mocks (~> 2.14.0)
    rspec-core (2.14.8)
    rspec-expectations (2.14.5)
      diff-lcs (>= 1.1.3, < 2.0)
    rspec-mocks (2.14.6)
    rubyzip (1.1.0)
    selenium-webdriver (2.38.0)
      childprocess (>= 0.2.5)
      multi_json (~> 1.0)
      rubyzip (~> 1.0)
      websocket (~> 1.0.4)
    sinatra (1.4.4)
      rack (~> 1.4)
      rack-protection (~> 1.4)
      tilt (~> 1.3, >= 1.3.4)
    tilt (1.4.1)
    travis-lint (1.7.0)
      hashr (~> 0.0.22)
    websocket (1.0.7)

PLATFORMS
  ruby

DEPENDENCIES
  rake (>= 10.1)
  rspec (>= 2.14)
  selenium-webdriver (~> 2.38.0)
  sinatra (>= 1.4)
  travis-lint (>= 1.7)
